GEM
  remote: https://rubygems.org/
  specs:
    curses (1.4.0)
    json (2.5.1)
    ordinal (1.0.0)
    power_assert (2.0.0)
    test-unit (3.4.0)
      power_assert

PLATFORMS
  ruby

DEPENDENCIES
  curses (~> 1.4)
  json (~> 2.5)
  ordinal (~> 1.0)
  test-unit (~> 3.4)

BUNDLED WITH
   2.1.4
