GEM
  remote: https://rubygems.org/
  specs:
    curses (1.4.0)
    diff-lcs (1.4.4)
    json (2.5.1)
    ordinal (1.0.0)
    pastel (0.8.0)
      tty-color (~> 0.5)
    power_assert (2.0.0)
    ruby-audio (1.6.1)
    test-unit (3.4.0)
      power_assert
    tty-color (0.6.0)
    tty-cursor (0.7.1)
    tty-file (0.10.0)
      diff-lcs (~> 1.3)
      pastel (~> 0.8)
      tty-prompt (~> 0.22)
    tty-prompt (0.23.0)
      pastel (~> 0.8)
      tty-reader (~> 0.8)
    tty-reader (0.9.0)
      tty-cursor (~> 0.7)
      tty-screen (~> 0.8)
      wisper (~> 2.0)
    tty-screen (0.8.1)
    wisper (2.0.1)

PLATFORMS
  ruby

DEPENDENCIES
  curses (~> 1.4)
  json (~> 2.5)
  ordinal (~> 1.0)
  ruby-audio
  test-unit (~> 3.4)
  tty-file (~> 0.10.0)

BUNDLED WITH
   2.1.4
