GEM
  remote: https://rubygems.org/
  specs:
    csv (3.1.9)
    curses (1.4.0)
    ordinal (1.0.0)
    power_assert (2.0.0)
    test-unit (3.4.0)
      power_assert

PLATFORMS
  ruby

DEPENDENCIES
  csv (~> 3.1)
  curses (~> 1.4)
  ordinal (~> 1.0)
  test-unit (~> 3.4)

BUNDLED WITH
   2.1.4
