GEM
  remote: https://rubygems.org/
  specs:
    csv (3.1.9)
    curses (1.4.0)
    smarter_csv (1.2.8)

PLATFORMS
  ruby

DEPENDENCIES
  csv (~> 3.1)
  curses (~> 1.4)
  smarter_csv (~> 1.2)

BUNDLED WITH
   2.1.4
